GEM
  remote: http://rubygems.org/
  specs:
    ZenTest (4.8.2)
    coderay (1.0.7)
    diff-lcs (1.1.3)
    git (1.2.5)
    jeweler (1.8.4)
      bundler (~> 1.0)
      git (>= 1.2.5)
      rake
      rdoc
    json (1.7.5)
    method_source (0.8)
    pg (0.14.0)
    pry (0.9.10)
      coderay (~> 1.0.5)
      method_source (~> 0.8)
      slop (~> 3.3.1)
    rake (0.9.2.2)
    rdoc (3.12)
      json (~> 1.4)
    rspec (2.8.0)
      rspec-core (~> 2.8.0)
      rspec-expectations (~> 2.8.0)
      rspec-mocks (~> 2.8.0)
    rspec-core (2.8.0)
    rspec-expectations (2.8.0)
      diff-lcs (~> 1.1.2)
    rspec-mocks (2.8.0)
    ruby-odbc (0.99994)
    slop (3.3.3)

PLATFORMS
  ruby

DEPENDENCIES
  ZenTest
  bundler
  jeweler (~> 1.8.3)
  pg
  pry
  rdoc (~> 3.12)
  rspec (~> 2.8.0)
  ruby-odbc
